GEM
  specs:
    nokogiri (1.12.3-x86_64-darwin)
      racc (~> 1.4)
    racc (1.5.2)

PLATFORMS
  ruby

DEPENDENCIES
  nokogiri

BUNDLED WITH
   2.2.25
